GEM
  remote: https://rubygems.org/
  specs:
    cinch (2.0.9)
    cinch-identify (1.3.1)
      cinch (~> 2.0)
    daemons (1.1.9)
    googl (0.6.3)
      httparty (~> 0.10.0)
      json (>= 1.4.6)
    httparty (0.10.2)
      multi_json (~> 1.0)
      multi_xml (>= 0.5.2)
    json (1.7.7)
    multi_json (1.2.0)
    multi_xml (0.5.5)
    puma (1.6.3)
      rack (~> 1.2)
    rack (1.5.2)
    rack-protection (1.5.0)
      rack
    sinatra (1.4.3)
      rack (~> 1.4)
      rack-protection (~> 1.4)
      tilt (~> 1.3, >= 1.3.4)
    tilt (1.4.1)

PLATFORMS
  ruby

DEPENDENCIES
  cinch (~> 2.0.9)
  cinch-identify (~> 1.3.1)
  daemons (~> 1.1.9)
  googl (~> 0.6.3)
  multi_json (~> 1.2.0)
  puma (~> 1.6.3)
  sinatra (~> 1.4.2)
