GEM
  remote: https://rubygems.org/
  specs:
    cinch (2.0.9)
    cinch-identify (1.3.1)
      cinch (~> 2.0)
    daemons (1.1.9)
    multi_json (1.2.0)
    puma (1.6.3)
      rack (~> 1.2)
    rack (1.5.2)
    rack-protection (1.5.0)
      rack
    sinatra (1.4.3)
      rack (~> 1.4)
      rack-protection (~> 1.4)
      tilt (~> 1.3, >= 1.3.4)
    tilt (1.4.1)

PLATFORMS
  ruby

DEPENDENCIES
  cinch (~> 2.0.9)
  cinch-identify (~> 1.3.1)
  daemons (~> 1.1.9)
  multi_json (~> 1.2.0)
  puma (~> 1.6.3)
  sinatra (~> 1.4.2)
